PATH
  remote: .
  specs:
    git-whistles (0.6.0)
      pivotal-tracker (~> 0.5.6)
      term-ansicolor

GEM
  remote: https://rubygems.org/
  specs:
    builder (3.1.3)
    coderay (1.0.7)
    happymapper (0.4.0)
      libxml-ruby (~> 2.0)
    libxml-ruby (2.3.3)
    method_source (0.8)
    mime-types (1.19)
    nokogiri (1.5.5)
    pivotal-tracker (0.5.6)
      builder
      builder
      happymapper (>= 0.3.2)
      happymapper (>= 0.3.2)
      nokogiri (>= 1.4.3)
      nokogiri (~> 1.4)
      rest-client (~> 1.6.0)
      rest-client (~> 1.6.0)
    pry (0.9.10)
      coderay (~> 1.0.5)
      method_source (~> 0.8)
      slop (~> 3.3.1)
    pry-nav (0.2.2)
      pry (~> 0.9.10)
    rake (0.9.2.2)
    rest-client (1.6.7)
      mime-types (>= 1.16)
    slop (3.3.2)
    term-ansicolor (1.0.7)

PLATFORMS
  ruby

DEPENDENCIES
  bundler (>= 1.0.0)
  git-whistles!
  pry
  pry-nav
  rake
