PATH
  remote: .
  specs:
    git-whistles (0.1.1)

GEM
  specs:
    rake (0.9.2.2)

PLATFORMS
  ruby

DEPENDENCIES
  git-whistles!
  rake
