PATH
  remote: .
  specs:
    git-whistles (0.12.0)
      pivotal-tracker (~> 0.5.6)
      term-ansicolor

GEM
  remote: https://rubygems.org/
  specs:
    builder (3.2.2)
    coderay (1.1.0)
    crack (0.4.2)
      safe_yaml (~> 1.0.0)
    diff-lcs (1.2.5)
    domain_name (0.5.23)
      unf (>= 0.0.5, < 1.0.0)
    http-cookie (1.0.2)
      domain_name (~> 0.5)
    method_source (0.8.2)
    mime-types (2.4.3)
    mini_portile (0.6.2)
    netrc (0.10.3)
    nokogiri (1.6.6.2)
      mini_portile (~> 0.6.0)
    nokogiri-happymapper (0.5.9)
      nokogiri (~> 1.5)
    pivotal-tracker (0.5.13)
      builder
      crack
      nokogiri (>= 1.5.5)
      nokogiri-happymapper (>= 0.5.4)
      rest-client (>= 1.8.0)
    pry (0.10.1)
      coderay (~> 1.1.0)
      method_source (~> 0.8.1)
      slop (~> 3.4)
    pry-nav (0.2.4)
      pry (>= 0.9.10, < 0.11.0)
    rake (10.4.2)
    rest-client (1.8.0)
      http-cookie (>= 1.0.2, < 2.0)
      mime-types (>= 1.16, < 3.0)
      netrc (~> 0.7)
    rspec (3.2.0)
      rspec-core (~> 3.2.0)
      rspec-expectations (~> 3.2.0)
      rspec-mocks (~> 3.2.0)
    rspec-core (3.2.3)
      rspec-support (~> 3.2.0)
    rspec-expectations (3.2.1)
      diff-lcs (>= 1.2.0, < 2.0)
      rspec-support (~> 3.2.0)
    rspec-mocks (3.2.1)
      diff-lcs (>= 1.2.0, < 2.0)
      rspec-support (~> 3.2.0)
    rspec-support (3.2.2)
    safe_yaml (1.0.4)
    slop (3.6.0)
    term-ansicolor (1.3.0)
      tins (~> 1.0)
    tins (1.3.5)
    unf (0.1.4)
      unf_ext
    unf_ext (0.0.6)

PLATFORMS
  ruby

DEPENDENCIES
  bundler (>= 1.0.0)
  git-whistles!
  pry
  pry-nav
  rake
  rspec
